GEM
  remote: https://rubygems.org/
  specs:
    Ascii85 (1.0.2)
    afm (0.2.2)
    celluloid (0.16.0)
      timers (~> 4.0.0)
    configatron (4.2.1)
    ffi (1.9.6)
    hashery (2.1.1)
    highline (1.6.21)
    hitimes (1.2.2)
    listen (2.7.11)
      celluloid (>= 0.15.2)
      rb-fsevent (>= 0.9.3)
      rb-inotify (>= 0.9)
    pdf-reader (1.3.3)
      Ascii85 (~> 1.0.0)
      afm (~> 0.2.0)
      hashery (~> 2.0)
      ruby-rc4
      ttfunk
    rb-fsevent (0.9.4)
    rb-inotify (0.9.5)
      ffi (>= 0.5.0)
    ruby-rc4 (0.1.5)
    timers (4.0.1)
      hitimes
    ttfunk (1.4.0)

PLATFORMS
  ruby

DEPENDENCIES
  configatron
  highline
  listen (~> 2.0)
  pdf-reader
